GEM
  remote: https://rubygems.org/
  specs:
    json (1.5.1)
    mini_portile (0.6.2)
    nokogiri (1.6.5)
      mini_portile (~> 0.6.0)
    pdftohtmlr (0.4.2)
      nokogiri (>= 1.3.3)

PLATFORMS
  ruby

DEPENDENCIES
  json (= 1.5.1)
  pdftohtmlr (= 0.4.2)
