GEM
  remote: https://rubygems.org/
  specs:
    bootstrap-sass (2.3.2.2)
      sass (~> 3.2)
    json (1.5.1)
    mini_portile (0.6.2)
    nokogiri (1.6.6.2)
      mini_portile (~> 0.6.0)
    pdftohtmlr (0.4.2)
      nokogiri (>= 1.3.3)
    sass (3.4.10)

PLATFORMS
  ruby

DEPENDENCIES
  bootstrap-sass (~> 2.0)
  json (= 1.5.1)
  pdftohtmlr (= 0.4.2)
